PATH
  remote: .
  specs:
    rakuten-de (0.0.1)
      activesupport (>= 3.1.0)
      rest-client (~> 1.6.7)

GEM
  remote: http://rubygems.org/
  specs:
    activesupport (3.2.8)
      i18n (~> 0.6)
      multi_json (~> 1.0)
    addressable (2.3.2)
    crack (0.3.1)
    diff-lcs (1.1.3)
    i18n (0.6.1)
    mime-types (1.19)
    multi_json (1.3.6)
    rest-client (1.6.7)
      mime-types (>= 1.16)
    rspec (2.11.0)
      rspec-core (~> 2.11.0)
      rspec-expectations (~> 2.11.0)
      rspec-mocks (~> 2.11.0)
    rspec-core (2.11.1)
    rspec-expectations (2.11.2)
      diff-lcs (~> 1.1.3)
    rspec-mocks (2.11.2)
    webmock (1.8.9)
      addressable (>= 2.2.7)
      crack (>= 0.1.7)
    yard (0.8.2.1)

PLATFORMS
  ruby

DEPENDENCIES
  bundler
  rakuten-de!
  rspec
  rspec-expectations
  rspec-mocks
  webmock
  yard
